GEM
  remote: https://rubygems.org/
  specs:
    bio (1.5.2)
    fileutils (1.1.0)
    trollop (2.9.9)

PLATFORMS
  ruby

DEPENDENCIES
  bio
  fileutils
  trollop

BUNDLED WITH
   2.0.1
